FRAMEWORK: >= NET40
NUGET
  remote: https://www.nuget.org/api/v2
    Deedle (1.2.5)
    Deedle.RPlugin (1.2.5)
      Deedle (>= 1.2.5)
      R.NET.Community (>= 1.6.4)
      R.NET.Community.FSharp (>= 1.6.4)
      RProvider (>= 1.1.13)
    DynamicInterop (0.7.4)
    FSharp.Charting (0.90.14)
    FSharp.Core (4.0.0.1)
    FSharp.Data (2.3.1)
    FsLab (1.0)
      Deedle (1.2.5)
      Deedle.RPlugin (1.2.5)
      DynamicInterop (0.7.4)
      FSharp.Charting (0.90.14)
      FSharp.Data (2.3.1)
      Google.DataTable.Net.Wrapper (3.1.2)
      MathNet.Numerics (3.12)
      MathNet.Numerics.FSharp (3.12)
      Newtonsoft.Json (9.0.1)
      R.NET.Community (1.6.5)
      R.NET.Community.FSharp (1.6.5)
      RProvider (1.1.20)
      Suave (1.1.3)
      XPlot.GoogleCharts (1.3.1)
      XPlot.GoogleCharts.Deedle (1.3.1)
      XPlot.Plotly (1.3.1)
    Google.DataTable.Net.Wrapper (3.1.2)
    Http.fs (1.5.1)
    MathNet.Numerics (3.12)
    MathNet.Numerics.FSharp (3.12)
      FSharp.Core (>= 3.1.2.5)
      MathNet.Numerics (3.12)
    Newtonsoft.Json (9.0.1)
    R.NET.Community (1.6.5)
      DynamicInterop (0.7.4)
    R.NET.Community.FSharp (1.6.5)
      R.NET.Community (>= 1.6.5)
    RProvider (1.1.20)
      DynamicInterop (0.7.4)
      R.NET.Community (1.6.5)
      R.NET.Community.FSharp (1.6.5)
    Suave (1.1.3)
      FSharp.Core (>= 3.1.2.5)
    XPlot.GoogleCharts (1.3.1)
      Google.DataTable.Net.Wrapper
      Newtonsoft.Json
    XPlot.GoogleCharts.Deedle (1.3.1)
      Deedle
      XPlot.GoogleCharts (>= 1.3.1)
    XPlot.Plotly (1.3.1)
      Http.fs
      Newtonsoft.Json
