FRAMEWORK: >= NET45
NUGET
  remote: https://www.nuget.org/api/v2
  specs:
    Deedle (1.2.5)
    Deedle.RPlugin (1.2.5)
      Deedle (>= 1.2.5)
      R.NET.Community (>= 1.6.4)
      R.NET.Community.FSharp (>= 1.6.4)
      RProvider (>= 1.1.13)
    DotSpatial.Projections (1.9)
    DynamicInterop (0.7.4)
    FSharp.Azure.StorageTypeProvider (1.7)
      WindowsAzure.Storage (>= 6.0.0)
    FSharp.Charting (0.90.14)
    FSharp.Core (4.0.0.1)
    FSharp.Data (2.3.2)
    FsLab (1.0.2)
      Deedle (1.2.5)
      Deedle.RPlugin (1.2.5)
      DynamicInterop (0.7.4)
      FSharp.Charting (0.90.14)
      FSharp.Data (2.3.2)
      Google.DataTable.Net.Wrapper (3.1.2)
      MathNet.Numerics (3.13.1)
      MathNet.Numerics.FSharp (3.13.1)
      Newtonsoft.Json (9.0.1)
      R.NET.Community (1.6.5)
      R.NET.Community.FSharp (1.6.5)
      RProvider (1.1.20)
      Suave (1.1.3)
      XPlot.GoogleCharts (1.4.2)
      XPlot.GoogleCharts.Deedle (1.4.2)
      XPlot.Plotly (1.4.2)
    Google.DataTable.Net.Wrapper (3.1.2)
    MathNet.Numerics (3.13.1)
    MathNet.Numerics.FSharp (3.13.1)
      FSharp.Core (>= 3.1.2.5)
      MathNet.Numerics (3.13.1)
    Microsoft.Azure.KeyVault.Core (2.0.4)
      System.Runtime (>= 4.1.0)
      System.Threading.Tasks (>= 4.0.11)
    Microsoft.CSharp (4.3.0)
      System.Collections (>= 4.3.0)
      System.Diagnostics.Debug (>= 4.3.0)
      System.Dynamic.Runtime (>= 4.3.0)
      System.Globalization (>= 4.3.0)
      System.Linq (>= 4.3.0)
      System.Linq.Expressions (>= 4.3.0)
      System.ObjectModel (>= 4.3.0)
      System.Reflection (>= 4.3.0)
      System.Reflection.Extensions (>= 4.3.0)
      System.Reflection.Primitives (>= 4.3.0)
      System.Reflection.TypeExtensions (>= 4.3.0)
      System.Resources.ResourceManager (>= 4.3.0)
      System.Runtime (>= 4.3.0)
      System.Runtime.Extensions (>= 4.3.0)
      System.Runtime.InteropServices (>= 4.3.0)
      System.Threading (>= 4.3.0)
    Microsoft.Data.Edm (5.8.1)
    Microsoft.Data.OData (5.8.1)
      Microsoft.Data.Edm (5.8.1)
      System.Spatial (5.8.1)
    Microsoft.Data.Services.Client (5.8.1)
      Microsoft.Data.OData (5.8.1)
    Microsoft.NETCore.Platforms (1.1.0)
    Microsoft.NETCore.Targets (1.1.0)
    Microsoft.Win32.Primitives (4.3.0)
      Microsoft.NETCore.Platforms (>= 1.1.0)
      Microsoft.NETCore.Targets (>= 1.1.0)
      System.Runtime (>= 4.3.0)
    NETStandard.Library (1.6.1)
      Microsoft.NETCore.Platforms (>= 1.1.0)
      Microsoft.Win32.Primitives (>= 4.3.0)
      System.AppContext (>= 4.3.0)
      System.Collections (>= 4.3.0)
      System.Collections.Concurrent (>= 4.3.0)
      System.Console (>= 4.3.0)
      System.Diagnostics.Debug (>= 4.3.0)
      System.Diagnostics.Tools (>= 4.3.0)
      System.Diagnostics.Tracing (>= 4.3.0)
      System.Globalization (>= 4.3.0)
      System.Globalization.Calendars (>= 4.3.0)
      System.IO (>= 4.3.0)
      System.IO.Compression (>= 4.3.0)
      System.IO.Compression.ZipFile (>= 4.3.0)
      System.IO.FileSystem (>= 4.3.0)
      System.IO.FileSystem.Primitives (>= 4.3.0)
      System.Linq (>= 4.3.0)
      System.Linq.Expressions (>= 4.3.0)
      System.Net.Http (>= 4.3.0)
      System.Net.Primitives (>= 4.3.0)
      System.Net.Sockets (>= 4.3.0)
      System.ObjectModel (>= 4.3.0)
      System.Reflection (>= 4.3.0)
      System.Reflection.Extensions (>= 4.3.0)
      System.Reflection.Primitives (>= 4.3.0)
      System.Resources.ResourceManager (>= 4.3.0)
      System.Runtime (>= 4.3.0)
      System.Runtime.Extensions (>= 4.3.0)
      System.Runtime.Handles (>= 4.3.0)
      System.Runtime.InteropServices (>= 4.3.0)
      System.Runtime.InteropServices.RuntimeInformation (>= 4.3.0)
      System.Runtime.Numerics (>= 4.3.0)
      System.Security.Cryptography.Algorithms (>= 4.3.0)
      System.Security.Cryptography.Encoding (>= 4.3.0)
      System.Security.Cryptography.Primitives (>= 4.3.0)
      System.Security.Cryptography.X509Certificates (>= 4.3.0)
      System.Text.Encoding (>= 4.3.0)
      System.Text.Encoding.Extensions (>= 4.3.0)
      System.Text.RegularExpressions (>= 4.3.0)
      System.Threading (>= 4.3.0)
      System.Threading.Tasks (>= 4.3.0)
      System.Threading.Timer (>= 4.3.0)
      System.Xml.ReaderWriter (>= 4.3.0)
      System.Xml.XDocument (>= 4.3.0)
    Newtonsoft.Json (9.0.1)
      Microsoft.CSharp (>= 4.0.1)
      System.Collections (>= 4.0.11)
      System.Diagnostics.Debug (>= 4.0.11)
      System.Dynamic.Runtime (>= 4.0.11)
      System.Globalization (>= 4.0.11)
      System.IO (>= 4.1.0)
      System.Linq (>= 4.1.0)
      System.Linq.Expressions (>= 4.1.0)
      System.ObjectModel (>= 4.0.12)
      System.Reflection (>= 4.1.0)
      System.Reflection.Extensions (>= 4.0.1)
      System.Resources.ResourceManager (>= 4.0.1)
      System.Runtime (>= 4.1.0)
      System.Runtime.Extensions (>= 4.1.0)
      System.Runtime.Serialization.Primitives (>= 4.1.1)
      System.Text.Encoding (>= 4.0.11)
      System.Text.Encoding.Extensions (>= 4.0.11)
      System.Text.RegularExpressions (>= 4.1.0)
      System.Threading (>= 4.0.11)
      System.Threading.Tasks (>= 4.0.11)
      System.Xml.ReaderWriter (>= 4.0.11)
      System.Xml.XDocument (>= 4.0.11)
    R.NET.Community (1.6.5)
      DynamicInterop (0.7.4)
    R.NET.Community.FSharp (1.6.5)
      R.NET.Community (>= 1.6.5)
    RProvider (1.1.20)
      DynamicInterop (0.7.4)
      R.NET.Community (1.6.5)
      R.NET.Community.FSharp (1.6.5)
    runtime.debian.8-x64.runtime.native.System.Security.Cryptography.OpenSsl (4.3.0)
    runtime.fedora.23-x64.runtime.native.System.Security.Cryptography.OpenSsl (4.3.0)
    runtime.fedora.24-x64.runtime.native.System.Security.Cryptography.OpenSsl (4.3.0)
    runtime.native.System (4.3.0)
      Microsoft.NETCore.Platforms (>= 1.1.0)
      Microsoft.NETCore.Targets (>= 1.1.0)
    runtime.native.System.IO.Compression (4.3.0)
      Microsoft.NETCore.Platforms (>= 1.1.0)
      Microsoft.NETCore.Targets (>= 1.1.0)
    runtime.native.System.Net.Http (4.3.0)
      Microsoft.NETCore.Platforms (>= 1.1.0)
      Microsoft.NETCore.Targets (>= 1.1.0)
    runtime.native.System.Security.Cryptography.Apple (4.3.0)
      runtime.osx.10.10-x64.runtime.native.System.Security.Cryptography.Apple (>= 4.3.0)
    runtime.native.System.Security.Cryptography.OpenSsl (4.3.0)
      runtime.debian.8-x64.runtime.native.System.Security.Cryptography.OpenSsl (>= 4.3.0)
      runtime.fedora.23-x64.runtime.native.System.Security.Cryptography.OpenSsl (>= 4.3.0)
      runtime.fedora.24-x64.runtime.native.System.Security.Cryptography.OpenSsl (>= 4.3.0)
      runtime.opensuse.13.2-x64.runtime.native.System.Security.Cryptography.OpenSsl (>= 4.3.0)
      runtime.opensuse.42.1-x64.runtime.native.System.Security.Cryptography.OpenSsl (>= 4.3.0)
      runtime.osx.10.10-x64.runtime.native.System.Security.Cryptography.OpenSsl (>= 4.3.0)
      runtime.rhel.7-x64.runtime.native.System.Security.Cryptography.OpenSsl (>= 4.3.0)
      runtime.ubuntu.14.04-x64.runtime.native.System.Security.Cryptography.OpenSsl (>= 4.3.0)
      runtime.ubuntu.16.04-x64.runtime.native.System.Security.Cryptography.OpenSsl (>= 4.3.0)
      runtime.ubuntu.16.10-x64.runtime.native.System.Security.Cryptography.OpenSsl (>= 4.3.0)
    runtime.opensuse.13.2-x64.runtime.native.System.Security.Cryptography.OpenSsl (4.3.0)
    runtime.opensuse.42.1-x64.runtime.native.System.Security.Cryptography.OpenSsl (4.3.0)
    runtime.osx.10.10-x64.runtime.native.System.Security.Cryptography.Apple (4.3.0)
    runtime.osx.10.10-x64.runtime.native.System.Security.Cryptography.OpenSsl (4.3.0)
    runtime.rhel.7-x64.runtime.native.System.Security.Cryptography.OpenSsl (4.3.0)
    runtime.ubuntu.14.04-x64.runtime.native.System.Security.Cryptography.OpenSsl (4.3.0)
    runtime.ubuntu.16.04-x64.runtime.native.System.Security.Cryptography.OpenSsl (4.3.0)
    runtime.ubuntu.16.10-x64.runtime.native.System.Security.Cryptography.OpenSsl (4.3.0)
    Suave (1.1.3)
      FSharp.Core (>= 3.1.2.5)
    System.AppContext (4.3.0)
      System.Runtime (>= 4.3.0)
    System.Buffers (4.3.0)
      System.Diagnostics.Debug (>= 4.3.0)
      System.Diagnostics.Tracing (>= 4.3.0)
      System.Resources.ResourceManager (>= 4.3.0)
      System.Runtime (>= 4.3.0)
      System.Threading (>= 4.3.0)
    System.Collections (4.3.0)
      Microsoft.NETCore.Platforms (>= 1.1.0)
      Microsoft.NETCore.Targets (>= 1.1.0)
      System.Runtime (>= 4.3.0)
    System.Collections.Concurrent (4.3.0)
      System.Collections (>= 4.3.0)
      System.Diagnostics.Debug (>= 4.3.0)
      System.Diagnostics.Tracing (>= 4.3.0)
      System.Globalization (>= 4.3.0)
      System.Reflection (>= 4.3.0)
      System.Resources.ResourceManager (>= 4.3.0)
      System.Runtime (>= 4.3.0)
      System.Runtime.Extensions (>= 4.3.0)
      System.Threading (>= 4.3.0)
      System.Threading.Tasks (>= 4.3.0)
    System.Console (4.3.0)
      Microsoft.NETCore.Platforms (>= 1.1.0)
      Microsoft.NETCore.Targets (>= 1.1.0)
      System.IO (>= 4.3.0)
      System.Runtime (>= 4.3.0)
      System.Text.Encoding (>= 4.3.0)
    System.Diagnostics.Debug (4.3.0)
      Microsoft.NETCore.Platforms (>= 1.1.0)
      Microsoft.NETCore.Targets (>= 1.1.0)
      System.Runtime (>= 4.3.0)
    System.Diagnostics.DiagnosticSource (4.3.0)
      System.Collections (>= 4.3.0)
      System.Diagnostics.Tracing (>= 4.3.0)
      System.Reflection (>= 4.3.0)
      System.Runtime (>= 4.3.0)
      System.Threading (>= 4.3.0)
    System.Diagnostics.Tools (4.3.0)
      Microsoft.NETCore.Platforms (>= 1.1.0)
      Microsoft.NETCore.Targets (>= 1.1.0)
      System.Runtime (>= 4.3.0)
    System.Diagnostics.Tracing (4.3.0)
      Microsoft.NETCore.Platforms (>= 1.1.0)
      Microsoft.NETCore.Targets (>= 1.1.0)
      System.Runtime (>= 4.3.0)
    System.Dynamic.Runtime (4.3.0)
      System.Collections (>= 4.3.0)
      System.Diagnostics.Debug (>= 4.3.0)
      System.Linq (>= 4.3.0)
      System.Linq.Expressions (>= 4.3.0)
      System.ObjectModel (>= 4.3.0)
      System.Reflection (>= 4.3.0)
      System.Reflection.Emit (>= 4.3.0)
      System.Reflection.Emit.ILGeneration (>= 4.3.0)
      System.Reflection.Primitives (>= 4.3.0)
      System.Reflection.TypeExtensions (>= 4.3.0)
      System.Resources.ResourceManager (>= 4.3.0)
      System.Runtime (>= 4.3.0)
      System.Runtime.Extensions (>= 4.3.0)
      System.Threading (>= 4.3.0)
    System.Globalization (4.3.0)
      Microsoft.NETCore.Platforms (>= 1.1.0)
      Microsoft.NETCore.Targets (>= 1.1.0)
      System.Runtime (>= 4.3.0)
    System.Globalization.Calendars (4.3.0)
      Microsoft.NETCore.Platforms (>= 1.1.0)
      Microsoft.NETCore.Targets (>= 1.1.0)
      System.Globalization (>= 4.3.0)
      System.Runtime (>= 4.3.0)
    System.Globalization.Extensions (4.3.0)
      Microsoft.NETCore.Platforms (>= 1.1.0)
      System.Globalization (>= 4.3.0)
      System.Resources.ResourceManager (>= 4.3.0)
      System.Runtime (>= 4.3.0)
      System.Runtime.Extensions (>= 4.3.0)
      System.Runtime.InteropServices (>= 4.3.0)
    System.IO (4.3.0)
      Microsoft.NETCore.Platforms (>= 1.1.0)
      Microsoft.NETCore.Targets (>= 1.1.0)
      System.Runtime (>= 4.3.0)
      System.Text.Encoding (>= 4.3.0)
      System.Threading.Tasks (>= 4.3.0)
    System.IO.Compression (4.3.0)
      Microsoft.NETCore.Platforms (>= 1.1.0)
      runtime.native.System (>= 4.3.0)
      runtime.native.System.IO.Compression (>= 4.3.0)
      System.Buffers (>= 4.3.0)
      System.Collections (>= 4.3.0)
      System.Diagnostics.Debug (>= 4.3.0)
      System.IO (>= 4.3.0)
      System.Resources.ResourceManager (>= 4.3.0)
      System.Runtime (>= 4.3.0)
      System.Runtime.Extensions (>= 4.3.0)
      System.Runtime.Handles (>= 4.3.0)
      System.Runtime.InteropServices (>= 4.3.0)
      System.Text.Encoding (>= 4.3.0)
      System.Threading (>= 4.3.0)
      System.Threading.Tasks (>= 4.3.0)
    System.IO.Compression.ZipFile (4.3.0)
      System.Buffers (>= 4.3.0)
      System.IO (>= 4.3.0)
      System.IO.Compression (>= 4.3.0)
      System.IO.FileSystem (>= 4.3.0)
      System.IO.FileSystem.Primitives (>= 4.3.0)
      System.Resources.ResourceManager (>= 4.3.0)
      System.Runtime (>= 4.3.0)
      System.Runtime.Extensions (>= 4.3.0)
      System.Text.Encoding (>= 4.3.0)
    System.IO.FileSystem (4.3.0)
      Microsoft.NETCore.Platforms (>= 1.1.0)
      Microsoft.NETCore.Targets (>= 1.1.0)
      System.IO (>= 4.3.0)
      System.IO.FileSystem.Primitives (>= 4.3.0)
      System.Runtime (>= 4.3.0)
      System.Runtime.Handles (>= 4.3.0)
      System.Text.Encoding (>= 4.3.0)
      System.Threading.Tasks (>= 4.3.0)
    System.IO.FileSystem.Primitives (4.3.0)
      System.Runtime (>= 4.3.0)
    System.Linq (4.3.0)
      System.Collections (>= 4.3.0)
      System.Diagnostics.Debug (>= 4.3.0)
      System.Resources.ResourceManager (>= 4.3.0)
      System.Runtime (>= 4.3.0)
      System.Runtime.Extensions (>= 4.3.0)
    System.Linq.Expressions (4.3.0)
      System.Collections (>= 4.3.0)
      System.Diagnostics.Debug (>= 4.3.0)
      System.Globalization (>= 4.3.0)
      System.IO (>= 4.3.0)
      System.Linq (>= 4.3.0)
      System.ObjectModel (>= 4.3.0)
      System.Reflection (>= 4.3.0)
      System.Reflection.Emit (>= 4.3.0)
      System.Reflection.Emit.ILGeneration (>= 4.3.0)
      System.Reflection.Emit.Lightweight (>= 4.3.0)
      System.Reflection.Extensions (>= 4.3.0)
      System.Reflection.Primitives (>= 4.3.0)
      System.Reflection.TypeExtensions (>= 4.3.0)
      System.Resources.ResourceManager (>= 4.3.0)
      System.Runtime (>= 4.3.0)
      System.Runtime.Extensions (>= 4.3.0)
      System.Threading (>= 4.3.0)
    System.Net.Http (4.3.1)
      Microsoft.NETCore.Platforms (>= 1.1.0)
      Microsoft.Win32.Primitives (>= 4.3.0)
      runtime.native.System (>= 4.3.0)
      runtime.native.System.Net.Http (>= 4.3.0)
      runtime.native.System.Security.Cryptography.OpenSsl (>= 4.3.0)
      System.Collections (>= 4.3.0)
      System.Diagnostics.Debug (>= 4.3.0)
      System.Diagnostics.DiagnosticSource (>= 4.3.0)
      System.Diagnostics.Tracing (>= 4.3.0)
      System.Globalization (>= 4.3.0)
      System.Globalization.Extensions (>= 4.3.0)
      System.IO (>= 4.3.0)
      System.IO.Compression (>= 4.3.0)
      System.IO.FileSystem (>= 4.3.0)
      System.Net.Primitives (>= 4.3.0)
      System.Resources.ResourceManager (>= 4.3.0)
      System.Runtime (>= 4.3.0)
      System.Runtime.Extensions (>= 4.3.0)
      System.Runtime.Handles (>= 4.3.0)
      System.Runtime.InteropServices (>= 4.3.0)
      System.Security.Cryptography.Algorithms (>= 4.3.0)
      System.Security.Cryptography.Encoding (>= 4.3.0)
      System.Security.Cryptography.OpenSsl (>= 4.3.0)
      System.Security.Cryptography.Primitives (>= 4.3.0)
      System.Security.Cryptography.X509Certificates (>= 4.3.0)
      System.Text.Encoding (>= 4.3.0)
      System.Threading (>= 4.3.0)
      System.Threading.Tasks (>= 4.3.0)
    System.Net.Primitives (4.3.0)
      Microsoft.NETCore.Platforms (>= 1.1.0)
      Microsoft.NETCore.Targets (>= 1.1.0)
      System.Runtime (>= 4.3.0)
      System.Runtime.Handles (>= 4.3.0)
    System.Net.Sockets (4.3.0)
      Microsoft.NETCore.Platforms (>= 1.1.0)
      Microsoft.NETCore.Targets (>= 1.1.0)
      System.IO (>= 4.3.0)
      System.Net.Primitives (>= 4.3.0)
      System.Runtime (>= 4.3.0)
      System.Threading.Tasks (>= 4.3.0)
    System.ObjectModel (4.3.0)
      System.Collections (>= 4.3.0)
      System.Diagnostics.Debug (>= 4.3.0)
      System.Resources.ResourceManager (>= 4.3.0)
      System.Runtime (>= 4.3.0)
      System.Threading (>= 4.3.0)
    System.Reflection (4.3.0)
      Microsoft.NETCore.Platforms (>= 1.1.0)
      Microsoft.NETCore.Targets (>= 1.1.0)
      System.IO (>= 4.3.0)
      System.Reflection.Primitives (>= 4.3.0)
      System.Runtime (>= 4.3.0)
    System.Reflection.Emit (4.3.0)
      System.IO (>= 4.3.0)
      System.Reflection (>= 4.3.0)
      System.Reflection.Emit.ILGeneration (>= 4.3.0)
      System.Reflection.Primitives (>= 4.3.0)
      System.Runtime (>= 4.3.0)
    System.Reflection.Emit.ILGeneration (4.3.0)
      System.Reflection (>= 4.3.0)
      System.Reflection.Primitives (>= 4.3.0)
      System.Runtime (>= 4.3.0)
    System.Reflection.Emit.Lightweight (4.3.0)
      System.Reflection (>= 4.3.0)
      System.Reflection.Emit.ILGeneration (>= 4.3.0)
      System.Reflection.Primitives (>= 4.3.0)
      System.Runtime (>= 4.3.0)
    System.Reflection.Extensions (4.3.0)
      Microsoft.NETCore.Platforms (>= 1.1.0)
      Microsoft.NETCore.Targets (>= 1.1.0)
      System.Reflection (>= 4.3.0)
      System.Runtime (>= 4.3.0)
    System.Reflection.Primitives (4.3.0)
      Microsoft.NETCore.Platforms (>= 1.1.0)
      Microsoft.NETCore.Targets (>= 1.1.0)
      System.Runtime (>= 4.3.0)
    System.Reflection.TypeExtensions (4.3.0)
      System.Reflection (>= 4.3.0)
      System.Runtime (>= 4.3.0)
    System.Resources.ResourceManager (4.3.0)
      Microsoft.NETCore.Platforms (>= 1.1.0)
      Microsoft.NETCore.Targets (>= 1.1.0)
      System.Globalization (>= 4.3.0)
      System.Reflection (>= 4.3.0)
      System.Runtime (>= 4.3.0)
    System.Runtime (4.3.0)
      Microsoft.NETCore.Platforms (>= 1.1.0)
      Microsoft.NETCore.Targets (>= 1.1.0)
    System.Runtime.Extensions (4.3.0)
      Microsoft.NETCore.Platforms (>= 1.1.0)
      Microsoft.NETCore.Targets (>= 1.1.0)
      System.Runtime (>= 4.3.0)
    System.Runtime.Handles (4.3.0)
      Microsoft.NETCore.Platforms (>= 1.1.0)
      Microsoft.NETCore.Targets (>= 1.1.0)
      System.Runtime (>= 4.3.0)
    System.Runtime.InteropServices (4.3.0)
      Microsoft.NETCore.Platforms (>= 1.1.0)
      Microsoft.NETCore.Targets (>= 1.1.0)
      System.Reflection (>= 4.3.0)
      System.Reflection.Primitives (>= 4.3.0)
      System.Runtime (>= 4.3.0)
      System.Runtime.Handles (>= 4.3.0)
    System.Runtime.InteropServices.RuntimeInformation (4.3.0)
      runtime.native.System (>= 4.3.0)
      System.Reflection (>= 4.3.0)
      System.Reflection.Extensions (>= 4.3.0)
      System.Resources.ResourceManager (>= 4.3.0)
      System.Runtime (>= 4.3.0)
      System.Runtime.InteropServices (>= 4.3.0)
      System.Threading (>= 4.3.0)
    System.Runtime.Numerics (4.3.0)
      System.Globalization (>= 4.3.0)
      System.Resources.ResourceManager (>= 4.3.0)
      System.Runtime (>= 4.3.0)
      System.Runtime.Extensions (>= 4.3.0)
    System.Runtime.Serialization.Primitives (4.3.0)
      System.Resources.ResourceManager (>= 4.3.0)
      System.Runtime (>= 4.3.0)
    System.Security.Cryptography.Algorithms (4.3.0)
      Microsoft.NETCore.Platforms (>= 1.1.0)
      runtime.native.System.Security.Cryptography.Apple (>= 4.3.0)
      runtime.native.System.Security.Cryptography.OpenSsl (>= 4.3.0)
      System.Collections (>= 4.3.0)
      System.IO (>= 4.3.0)
      System.Resources.ResourceManager (>= 4.3.0)
      System.Runtime (>= 4.3.0)
      System.Runtime.Extensions (>= 4.3.0)
      System.Runtime.Handles (>= 4.3.0)
      System.Runtime.InteropServices (>= 4.3.0)
      System.Runtime.Numerics (>= 4.3.0)
      System.Security.Cryptography.Encoding (>= 4.3.0)
      System.Security.Cryptography.Primitives (>= 4.3.0)
      System.Text.Encoding (>= 4.3.0)
    System.Security.Cryptography.Cng (4.3.0)
      Microsoft.NETCore.Platforms (>= 1.1.0)
      System.IO (>= 4.3.0)
      System.Resources.ResourceManager (>= 4.3.0)
      System.Runtime (>= 4.3.0)
      System.Runtime.Extensions (>= 4.3.0)
      System.Runtime.Handles (>= 4.3.0)
      System.Runtime.InteropServices (>= 4.3.0)
      System.Security.Cryptography.Algorithms (>= 4.3.0)
      System.Security.Cryptography.Encoding (>= 4.3.0)
      System.Security.Cryptography.Primitives (>= 4.3.0)
      System.Text.Encoding (>= 4.3.0)
    System.Security.Cryptography.Csp (4.3.0)
      Microsoft.NETCore.Platforms (>= 1.1.0)
      System.IO (>= 4.3.0)
      System.Reflection (>= 4.3.0)
      System.Resources.ResourceManager (>= 4.3.0)
      System.Runtime (>= 4.3.0)
      System.Runtime.Extensions (>= 4.3.0)
      System.Runtime.Handles (>= 4.3.0)
      System.Runtime.InteropServices (>= 4.3.0)
      System.Security.Cryptography.Algorithms (>= 4.3.0)
      System.Security.Cryptography.Encoding (>= 4.3.0)
      System.Security.Cryptography.Primitives (>= 4.3.0)
      System.Text.Encoding (>= 4.3.0)
      System.Threading (>= 4.3.0)
    System.Security.Cryptography.Encoding (4.3.0)
      Microsoft.NETCore.Platforms (>= 1.1.0)
      runtime.native.System.Security.Cryptography.OpenSsl (>= 4.3.0)
      System.Collections (>= 4.3.0)
      System.Collections.Concurrent (>= 4.3.0)
      System.Linq (>= 4.3.0)
      System.Resources.ResourceManager (>= 4.3.0)
      System.Runtime (>= 4.3.0)
      System.Runtime.Extensions (>= 4.3.0)
      System.Runtime.Handles (>= 4.3.0)
      System.Runtime.InteropServices (>= 4.3.0)
      System.Security.Cryptography.Primitives (>= 4.3.0)
      System.Text.Encoding (>= 4.3.0)
    System.Security.Cryptography.OpenSsl (4.3.0)
      runtime.native.System.Security.Cryptography.OpenSsl (>= 4.3.0)
      System.Collections (>= 4.3.0)
      System.IO (>= 4.3.0)
      System.Resources.ResourceManager (>= 4.3.0)
      System.Runtime (>= 4.3.0)
      System.Runtime.Extensions (>= 4.3.0)
      System.Runtime.Handles (>= 4.3.0)
      System.Runtime.InteropServices (>= 4.3.0)
      System.Runtime.Numerics (>= 4.3.0)
      System.Security.Cryptography.Algorithms (>= 4.3.0)
      System.Security.Cryptography.Encoding (>= 4.3.0)
      System.Security.Cryptography.Primitives (>= 4.3.0)
      System.Text.Encoding (>= 4.3.0)
    System.Security.Cryptography.Primitives (4.3.0)
      System.Diagnostics.Debug (>= 4.3.0)
      System.Globalization (>= 4.3.0)
      System.IO (>= 4.3.0)
      System.Resources.ResourceManager (>= 4.3.0)
      System.Runtime (>= 4.3.0)
      System.Threading (>= 4.3.0)
      System.Threading.Tasks (>= 4.3.0)
    System.Security.Cryptography.X509Certificates (4.3.0)
      Microsoft.NETCore.Platforms (>= 1.1.0)
      runtime.native.System (>= 4.3.0)
      runtime.native.System.Net.Http (>= 4.3.0)
      runtime.native.System.Security.Cryptography.OpenSsl (>= 4.3.0)
      System.Collections (>= 4.3.0)
      System.Diagnostics.Debug (>= 4.3.0)
      System.Globalization (>= 4.3.0)
      System.Globalization.Calendars (>= 4.3.0)
      System.IO (>= 4.3.0)
      System.IO.FileSystem (>= 4.3.0)
      System.IO.FileSystem.Primitives (>= 4.3.0)
      System.Resources.ResourceManager (>= 4.3.0)
      System.Runtime (>= 4.3.0)
      System.Runtime.Extensions (>= 4.3.0)
      System.Runtime.Handles (>= 4.3.0)
      System.Runtime.InteropServices (>= 4.3.0)
      System.Runtime.Numerics (>= 4.3.0)
      System.Security.Cryptography.Algorithms (>= 4.3.0)
      System.Security.Cryptography.Cng (>= 4.3.0)
      System.Security.Cryptography.Csp (>= 4.3.0)
      System.Security.Cryptography.Encoding (>= 4.3.0)
      System.Security.Cryptography.OpenSsl (>= 4.3.0)
      System.Security.Cryptography.Primitives (>= 4.3.0)
      System.Text.Encoding (>= 4.3.0)
      System.Threading (>= 4.3.0)
    System.Spatial (5.8.1)
    System.Text.Encoding (4.3.0)
      Microsoft.NETCore.Platforms (>= 1.1.0)
      Microsoft.NETCore.Targets (>= 1.1.0)
      System.Runtime (>= 4.3.0)
    System.Text.Encoding.Extensions (4.3.0)
      Microsoft.NETCore.Platforms (>= 1.1.0)
      Microsoft.NETCore.Targets (>= 1.1.0)
      System.Runtime (>= 4.3.0)
      System.Text.Encoding (>= 4.3.0)
    System.Text.RegularExpressions (4.3.0)
      System.Collections (>= 4.3.0)
      System.Globalization (>= 4.3.0)
      System.Resources.ResourceManager (>= 4.3.0)
      System.Runtime (>= 4.3.0)
      System.Runtime.Extensions (>= 4.3.0)
      System.Threading (>= 4.3.0)
    System.Threading (4.3.0)
      System.Runtime (>= 4.3.0)
      System.Threading.Tasks (>= 4.3.0)
    System.Threading.Tasks (4.3.0)
      Microsoft.NETCore.Platforms (>= 1.1.0)
      Microsoft.NETCore.Targets (>= 1.1.0)
      System.Runtime (>= 4.3.0)
    System.Threading.Tasks.Extensions (4.3.0)
      System.Collections (>= 4.3.0)
      System.Runtime (>= 4.3.0)
      System.Threading.Tasks (>= 4.3.0)
    System.Threading.Timer (4.3.0)
      Microsoft.NETCore.Platforms (>= 1.1.0)
      Microsoft.NETCore.Targets (>= 1.1.0)
      System.Runtime (>= 4.3.0)
    System.Xml.ReaderWriter (4.3.0)
      System.Collections (>= 4.3.0)
      System.Diagnostics.Debug (>= 4.3.0)
      System.Globalization (>= 4.3.0)
      System.IO (>= 4.3.0)
      System.IO.FileSystem (>= 4.3.0)
      System.IO.FileSystem.Primitives (>= 4.3.0)
      System.Resources.ResourceManager (>= 4.3.0)
      System.Runtime (>= 4.3.0)
      System.Runtime.Extensions (>= 4.3.0)
      System.Runtime.InteropServices (>= 4.3.0)
      System.Text.Encoding (>= 4.3.0)
      System.Text.Encoding.Extensions (>= 4.3.0)
      System.Text.RegularExpressions (>= 4.3.0)
      System.Threading.Tasks (>= 4.3.0)
      System.Threading.Tasks.Extensions (>= 4.3.0)
    System.Xml.XDocument (4.3.0)
      System.Collections (>= 4.3.0)
      System.Diagnostics.Debug (>= 4.3.0)
      System.Diagnostics.Tools (>= 4.3.0)
      System.Globalization (>= 4.3.0)
      System.IO (>= 4.3.0)
      System.Reflection (>= 4.3.0)
      System.Resources.ResourceManager (>= 4.3.0)
      System.Runtime (>= 4.3.0)
      System.Runtime.Extensions (>= 4.3.0)
      System.Text.Encoding (>= 4.3.0)
      System.Threading (>= 4.3.0)
      System.Xml.ReaderWriter (>= 4.3.0)
    WindowsAzure.Storage (8.0.1)
      Microsoft.Azure.KeyVault.Core (>= 1.0.0)
      Microsoft.Data.OData (>= 5.7.0)
      Microsoft.Data.Services.Client (>= 5.7.0)
      NETStandard.Library (>= 1.6.0)
      Newtonsoft.Json (>= 6.0.8)
      Newtonsoft.Json (>= 9.0.1)
      System.Spatial (>= 5.7.0)
    XPlot.GoogleCharts (1.4.2)
      Google.DataTable.Net.Wrapper (3.1.2)
      Newtonsoft.Json (9.0.1)
    XPlot.GoogleCharts.Deedle (1.4.2)
      Deedle (1.2.5)
      XPlot.GoogleCharts (1.4.2)
    XPlot.Plotly (1.4.2)
      Newtonsoft.Json (9.0.1)
